PATH
  remote: .
  specs:
    greeks (0.0.1)
      require_all

GEM
  remote: https://rubygems.org/
  specs:
    diff-lcs (1.2.4)
    require_all (1.2.1)
    rspec (2.13.0)
      rspec-core (~> 2.13.0)
      rspec-expectations (~> 2.13.0)
      rspec-mocks (~> 2.13.0)
    rspec-core (2.13.1)
    rspec-expectations (2.13.0)
      diff-lcs (>= 1.1.3, < 2.0)
    rspec-mocks (2.13.1)

PLATFORMS
  ruby

DEPENDENCIES
  greeks!
  rspec
  rspec-expectations
